GEM
  remote: https://rubygems.org/
  specs:
    activesupport (3.0.0)
    rb-appscript (0.6.1)

PLATFORMS
  ruby

DEPENDENCIES
  activesupport
  rb-appscript
